PATH
  remote: .
  specs:
    local_unfuddle_notebook (0.0.1)
      pow (~> 0.2.3)
      rest-client (~> 1.6.3)
      slop (~> 2.1.0)
      thor (~> 0.14.6)
      valuable (~> 0.8.5)

GEM
  remote: http://rubygems.org/
  specs:
    addressable (2.2.6)
    columnize (0.3.2)
    crack (0.1.8)
    guard (0.6.2)
      thor (~> 0.14.6)
    guard-rspec (0.3.1)
      guard (>= 0.2.2)
    linecache (0.43)
    mime-types (1.16)
    pow (0.2.3)
    rest-client (1.6.3)
      mime-types (>= 1.16)
    rspec (1.3.2)
    ruby-debug (0.10.4)
      columnize (>= 0.1)
      ruby-debug-base (~> 0.10.4.0)
    ruby-debug-base (0.10.4)
      linecache (>= 0.3)
    slop (2.1.0)
    thor (0.14.6)
    valuable (0.8.5)
    vcr (1.6.0)
    webmock (1.6.2)
      addressable (>= 2.2.2)
      crack (>= 0.1.7)

PLATFORMS
  ruby

DEPENDENCIES
  guard (~> 0.6.2)
  guard-rspec (~> 0.3.1)
  local_unfuddle_notebook!
  rspec (~> 1.3.2)
  ruby-debug (~> 0.10.4)
  vcr (~> 1.6.0)
  webmock (~> 1.6.2)
