GEM
  remote: http://rubygems.org/
  specs:
    columnize (0.3.2)
    guard (0.6.2)
      thor (~> 0.14.6)
    guard-bundler (0.1.3)
      bundler (>= 1.0.0)
      guard (>= 0.2.2)
    guard-rspec (0.3.1)
      guard (>= 0.2.2)
    linecache (0.43)
    rspec (1.3.2)
    ruby-debug (0.10.4)
      columnize (>= 0.1)
      ruby-debug-base (~> 0.10.4.0)
    ruby-debug-base (0.10.4)
      linecache (>= 0.3)
    slop (2.1.0)
    thor (0.14.6)
    valuable (0.8.5)

PLATFORMS
  ruby

DEPENDENCIES
  guard
  guard-bundler
  guard-rspec
  rspec
  ruby-debug
  slop
  valuable
