GEM
  remote: http://rubygems.org/
  specs:
    guard (0.6.2)
      thor (~> 0.14.6)
    guard-rspec (0.3.1)
      guard (>= 0.2.2)
    rspec (1.3.2)
    thor (0.14.6)
    valuable (0.8.5)

PLATFORMS
  ruby

DEPENDENCIES
  guard
  guard-rspec
  rspec
  valuable
